PATH
  remote: ..
  specs:
    b (0.0.1)
    c (0.0.1)
      b

PATH
  remote: .
  specs:
    d (0.0.1)
      b
      c

GEM
  remote: https://rubygems.org/
  specs:
    rake (12.0.0)

PLATFORMS
  ruby

DEPENDENCIES
  b!
  bundler (~> 1.5)
  c!
  d!
  rake

BUNDLED WITH
   1.13.6
